PATH
  remote: .
  specs:
    infinity_stone (0.1.0)

GEM
  remote: https://rubygems.org/
  specs:
    rake (10.5.0)

PLATFORMS
  ruby

DEPENDENCIES
  bundler (~> 1.15)
  infinity_stone!
  rake (~> 10.0)

BUNDLED WITH
   1.15.0
